GEM
  remote: https://rubygems.org/
  specs:
    bson (4.8.2)
    daemons (1.3.1)
    eventmachine (1.2.7)
    json (2.3.0)
    mongo (2.11.4)
      bson (>= 4.4.2, < 5.0.0)
    mustermann (1.1.1)
      ruby2_keywords (~> 0.0.1)
    rack (2.2.3)
    rack-protection (2.0.8.1)
      rack
    rack-ssl (1.4.1)
      rack
    ruby2_keywords (0.0.2)
    sinatra (2.0.8.1)
      mustermann (~> 1.0)
      rack (~> 2.0)
      rack-protection (= 2.0.8.1)
      tilt (~> 2.0)
    thin (1.7.2)
      daemons (~> 1.0, >= 1.0.9)
      eventmachine (~> 1.0, >= 1.0.4)
      rack (>= 1, < 3)
    tilt (2.0.10)

PLATFORMS
  ruby

DEPENDENCIES
  json
  mongo
  rack (~> 2.2)
  rack-ssl (~> 1.4)
  sinatra (~> 2.0, >= 2.0.4)
  thin

BUNDLED WITH
   2.1.2
